GEM
  remote: http://rubygems.org/
  specs:
    tty-cursor (0.6.0)

PLATFORMS
  x64-mingw32

DEPENDENCIES
  tty-cursor

BUNDLED WITH
   2.0.1
